GIT
  remote: git://github.com/thrisp/jruby-opennlp.git
  revision: 7d8a451e6a73d79ccd9294396c16494d100fcfe4
  specs:
    jruby-opennlp (0.0.2)

GEM
  remote: http://rubygems.org/
  specs:
    addressable (2.2.7)
    backports (2.5.1)
    bcrypt-ruby (3.0.1)
    bcrypt-ruby (3.0.1-java)
    daemons (1.1.8)
    data_mapper (1.2.0)
      dm-aggregates (~> 1.2.0)
      dm-constraints (~> 1.2.0)
      dm-core (~> 1.2.0)
      dm-migrations (~> 1.2.0)
      dm-serializer (~> 1.2.0)
      dm-timestamps (~> 1.2.0)
      dm-transactions (~> 1.2.0)
      dm-types (~> 1.2.0)
      dm-validations (~> 1.2.0)
    data_objects (0.10.8)
      addressable (~> 2.1)
    dm-aggregates (1.2.0)
      dm-core (~> 1.2.0)
    dm-constraints (1.2.0)
      dm-core (~> 1.2.0)
    dm-core (1.2.0)
      addressable (~> 2.2.6)
    dm-do-adapter (1.2.0)
      data_objects (~> 0.10.6)
      dm-core (~> 1.2.0)
    dm-migrations (1.2.0)
      dm-core (~> 1.2.0)
    dm-serializer (1.2.1)
      dm-core (~> 1.2.0)
      fastercsv (~> 1.5.4)
      json (~> 1.6.1)
      json_pure (~> 1.6.1)
      multi_json (~> 1.0.3)
    dm-sqlite-adapter (1.2.0)
      dm-do-adapter (~> 1.2.0)
      do_sqlite3 (~> 0.10.6)
    dm-timestamps (1.2.0)
      dm-core (~> 1.2.0)
    dm-transactions (1.2.0)
      dm-core (~> 1.2.0)
    dm-types (1.2.1)
      bcrypt-ruby (~> 3.0.0)
      dm-core (~> 1.2.0)
      fastercsv (~> 1.5.4)
      json (~> 1.6.1)
      multi_json (~> 1.0.3)
      stringex (~> 1.3.0)
      uuidtools (~> 2.1.2)
    dm-validations (1.2.0)
      dm-core (~> 1.2.0)
    do_jdbc (0.10.8-java)
      data_objects (= 0.10.8)
    do_sqlite3 (0.10.8)
      data_objects (= 0.10.8)
    do_sqlite3 (0.10.8-java)
      data_objects (= 0.10.8)
      do_jdbc (= 0.10.8)
      jdbc-sqlite3 (>= 3.5.8)
    eventmachine (0.12.10)
    eventmachine (0.12.10-java)
    fast-stemmer (1.0.1)
    fastercsv (1.5.4)
    foreman (0.42.0)
      thor (>= 0.13.6)
    jdbc-sqlite3 (3.7.2)
    json (1.6.6)
    json (1.6.6-java)
    json_pure (1.6.6)
    multi_json (1.0.4)
    rack (1.4.1)
    rack-protection (1.2.0)
      rack
    rack-test (0.6.1)
      rack (>= 1.0)
    redis (2.2.2)
    redis-namespace (1.0.3)
      redis (< 3.0.0)
    resque (1.20.0)
      multi_json (~> 1.0)
      redis-namespace (~> 1.0.2)
      sinatra (>= 0.9.2)
      vegas (~> 0.1.2)
    sinatra (1.3.2)
      rack (~> 1.3, >= 1.3.6)
      rack-protection (~> 1.2)
      tilt (~> 1.3, >= 1.3.3)
    sinatra-contrib (1.3.1)
      backports (>= 2.0)
      eventmachine
      rack-protection
      rack-test
      sinatra (~> 1.3.0)
      tilt (~> 1.3)
    slim (1.2.0)
      temple (~> 0.4.0)
      tilt (~> 1.3.3)
    sqlite3 (1.3.6)
    stringex (1.3.2)
    temple (0.4.0)
    tf-idf (1.0.0)
    thin (1.3.1)
      daemons (>= 1.0.9)
      eventmachine (>= 0.12.6)
      rack (>= 1.0.0)
    thor (0.14.6)
    tilt (1.3.3)
    uuidtools (2.1.2)
    vegas (0.1.11)
      rack (>= 1.0.0)

PLATFORMS
  java
  ruby

DEPENDENCIES
  data_mapper
  dm-sqlite-adapter
  fast-stemmer
  foreman
  jruby-opennlp!
  json
  rack
  resque
  sinatra
  sinatra-contrib
  slim
  sqlite3
  tf-idf
  thin
