GIT
  remote: git://github.com/trademobile/jruby-opennlp.git
  revision: 82001bbe40e1aff7c246958de9231cddf24cbc27
  specs:
    jruby-opennlp (0.0.1)

GEM
  remote: http://rubygems.org/
  specs:
    backports (2.5.1)
    daemons (1.1.8)
    eventmachine (0.12.10)
    eventmachine (0.12.10-java)
    fast-stemmer (1.0.1)
    json (1.6.6)
    json (1.6.6-java)
    rack (1.4.1)
    rack-protection (1.2.0)
      rack
    rack-test (0.6.1)
      rack (>= 1.0)
    sinatra (1.3.2)
      rack (~> 1.3, >= 1.3.6)
      rack-protection (~> 1.2)
      tilt (~> 1.3, >= 1.3.3)
    sinatra-contrib (1.3.1)
      backports (>= 2.0)
      eventmachine
      rack-protection
      rack-test
      sinatra (~> 1.3.0)
      tilt (~> 1.3)
    slim (1.2.0)
      temple (~> 0.4.0)
      tilt (~> 1.3.3)
    temple (0.4.0)
    tf-idf (1.0.0)
    thin (1.3.1)
      daemons (>= 1.0.9)
      eventmachine (>= 0.12.6)
      rack (>= 1.0.0)
    tilt (1.3.3)

PLATFORMS
  java
  ruby

DEPENDENCIES
  fast-stemmer
  jruby-opennlp!
  json
  rack
  sinatra
  sinatra-contrib
  slim
  tf-idf
  thin
